GEM
  remote: https://rubygems.org/
  specs:
    addressable (2.3.7)
    blankslate (2.1.2.4)
    capistrano (2.15.5)
      highline
      net-scp (>= 1.0.0)
      net-sftp (>= 2.0.0)
      net-ssh (>= 2.0.14)
      net-ssh-gateway (>= 1.1.0)
    celluloid (0.16.0)
      timers (~> 4.0.0)
    classifier-reborn (2.0.3)
      fast-stemmer (~> 1.0)
    coffee-script (2.3.0)
      coffee-script-source
      execjs
    coffee-script-source (1.9.1)
    colorator (0.1)
    execjs (2.4.0)
    fast-stemmer (1.0.2)
    fastimage (1.6.8)
      addressable (~> 2.3, >= 2.3.5)
    ffi (1.9.8)
    foreman (0.78.0)
      thor (~> 0.19.1)
    highline (1.6.21)
    hike (1.2.3)
    hitimes (1.2.2)
    jekyll (2.5.3)
      classifier-reborn (~> 2.0)
      colorator (~> 0.1)
      jekyll-coffeescript (~> 1.0)
      jekyll-gist (~> 1.0)
      jekyll-paginate (~> 1.0)
      jekyll-sass-converter (~> 1.0)
      jekyll-watch (~> 1.1)
      kramdown (~> 1.3)
      liquid (~> 2.6.1)
      mercenary (~> 0.3.3)
      pygments.rb (~> 0.6.0)
      redcarpet (~> 3.1)
      safe_yaml (~> 1.0)
      toml (~> 0.1.0)
    jekyll-assets (0.14.0)
      fastimage (~> 1.6)
      jekyll (~> 2.0)
      mini_magick (~> 4.1)
      sass (~> 3.2)
      sprockets (~> 2.10)
      sprockets-helpers
      sprockets-sass
    jekyll-coffeescript (1.0.1)
      coffee-script (~> 2.2)
    jekyll-gist (1.2.1)
    jekyll-paginate (1.1.0)
    jekyll-sass-converter (1.3.0)
      sass (~> 3.2)
    jekyll-watch (1.2.1)
      listen (~> 2.7)
    kramdown (1.6.0)
    liquid (2.6.2)
    listen (2.10.0)
      celluloid (~> 0.16.0)
      rb-fsevent (>= 0.9.3)
      rb-inotify (>= 0.9)
    mercenary (0.3.5)
    mini_magick (4.2.0)
    multi_json (1.11.0)
    net-scp (1.2.1)
      net-ssh (>= 2.6.5)
    net-sftp (2.1.2)
      net-ssh (>= 2.6.5)
    net-ssh (2.9.1)
    net-ssh-gateway (1.2.0)
      net-ssh (>= 2.6.5)
    parslet (1.5.0)
      blankslate (~> 2.0)
    posix-spawn (0.3.10)
    pygments.rb (0.6.3)
      posix-spawn (~> 0.3.6)
      yajl-ruby (~> 1.2.0)
    rack (1.6.0)
    rb-fsevent (0.9.4)
    rb-inotify (0.9.5)
      ffi (>= 0.5.0)
    redcarpet (3.2.2)
    safe_yaml (1.0.4)
    sass (3.4.13)
    sprockets (2.12.3)
      hike (~> 1.2)
      multi_json (~> 1.0)
      rack (~> 1.0)
      tilt (~> 1.1, != 1.3.0)
    sprockets-helpers (1.1.0)
      sprockets (~> 2.0)
    sprockets-sass (1.3.1)
      sprockets (~> 2.0)
      tilt (~> 1.1)
    thor (0.19.1)
    tilt (1.4.1)
    timers (4.0.1)
      hitimes
    toml (0.1.2)
      parslet (~> 1.5.0)
    yajl-ruby (1.2.1)

PLATFORMS
  ruby

DEPENDENCIES
  capistrano (~> 2.15.5)!
  foreman!
  jekyll!
  jekyll-assets!

BUNDLED WITH
   1.10.6
